PATH
  remote: .
  specs:
    best_nba_players_s18 (0.1.0)

GEM
  remote: https://rubygems.org/
  specs:
    rake (10.5.0)

PLATFORMS
  ruby

DEPENDENCIES
  best_nba_players_s18!
  bundler (~> 1.16)
  rake (~> 10.0)

BUNDLED WITH
   1.16.6
