PATH
  remote: .
  specs:
    best_nba_players_18 (0.1.4)
      colorize (~> 0.8.0)
      nokogiri (~> 1.10)
      terminal-table (~> 1.8, >= 1.7.9)

GEM
  remote: https://rubygems.org/
  specs:
    coderay (1.1.2)
    colorize (0.8.1)
    method_source (0.9.0)
    mini_portile2 (2.4.0)
    nokogiri (1.10.1)
      mini_portile2 (~> 2.4.0)
    nokogiri (1.10.1-x64-mingw32)
      mini_portile2 (~> 2.4.0)
    pry (0.11.3)
      coderay (~> 1.1.0)
      method_source (~> 0.9.0)
    rake (10.5.0)
    terminal-table (1.8.0)
      unicode-display_width (~> 1.1, >= 1.1.1)
    unicode-display_width (1.4.1)

PLATFORMS
  ruby
  x64-mingw32

DEPENDENCIES
  best_nba_players_18!
  bundler (~> 2.0)
  pry (~> 0.10)
  rake (~> 10.0)

BUNDLED WITH
   2.0.1
